PATH
  remote: .
  specs:
    gpgme (1.0.8)

GEM
  remote: http://rubygems.org/
  specs:
    minitest (2.0.2)
    mocha (0.9.12)

PLATFORMS
  ruby

DEPENDENCIES
  gpgme!
  minitest (~> 2.0.2)
  mocha (~> 0.9.12)
